PATH
  remote: .
  specs:
    gdo (1.0)
      bcrypt (~> 3.1)
      mysql2 (~> 0.5)

GEM
  remote: https://rubygems.org/
  specs:
    bcrypt (3.1.12)
    byebug (10.0.2)
    diff-lcs (1.3)
    mysql2 (0.5.1)
    rake (10.5.0)
    rspec (3.7.0)
      rspec-core (~> 3.7.0)
      rspec-expectations (~> 3.7.0)
      rspec-mocks (~> 3.7.0)
    rspec-core (3.7.1)
      rspec-support (~> 3.7.0)
    rspec-expectations (3.7.0)
      diff-lcs (>= 1.2.0, < 2.0)
      rspec-support (~> 3.7.0)
    rspec-mocks (3.7.0)
      diff-lcs (>= 1.2.0, < 2.0)
      rspec-support (~> 3.7.0)
    rspec-support (3.7.1)

PLATFORMS
  ruby

DEPENDENCIES
  bundler (~> 1.16)
  byebug (~> 10.0)
  gdo!
  rake (~> 10.0)
  rspec (~> 3.0)

BUNDLED WITH
   1.16.2
